PATH
  remote: .
  specs:
    gigs (0.1.0)

GEM
  remote: https://rubygems.org/
  specs:
    diff-lcs (1.3)
    jar_wrapper (0.1.8)
      zip
    mini_portile2 (2.3.0)
    nokogiri (1.8.4)
      mini_portile2 (~> 2.3.0)
    rake (10.5.0)
    rspec (3.7.0)
      rspec-core (~> 3.7.0)
      rspec-expectations (~> 3.7.0)
      rspec-mocks (~> 3.7.0)
    rspec-core (3.7.1)
      rspec-support (~> 3.7.0)
    rspec-expectations (3.7.0)
      diff-lcs (>= 1.2.0, < 2.0)
      rspec-support (~> 3.7.0)
    rspec-mocks (3.7.0)
      diff-lcs (>= 1.2.0, < 2.0)
      rspec-support (~> 3.7.0)
    rspec-support (3.7.1)
    selenium (0.2.11)
      jar_wrapper
    zip (2.0.2)

PLATFORMS
  ruby

DEPENDENCIES
  bundler (~> 1.16)
  gigs!
  nokogiri
  rake (~> 10.0)
  rspec (~> 3.0)
  selenium

BUNDLED WITH
   1.16.2
