PATH
  remote: .
  specs:
    gigs (0.1.2)

GEM
  remote: https://rubygems.org/
  specs:
    childprocess (3.0.0)
    coderay (1.1.3)
    colorize (0.8.1)
    diff-lcs (1.4.4)
    method_source (1.0.0)
    mini_portile2 (2.8.0)
    nokogiri (1.13.9)
      mini_portile2 (~> 2.8.0)
      racc (~> 1.4)
    pry (0.13.1)
      coderay (~> 1.1)
      method_source (~> 1.0)
    racc (1.6.0)
    rake (12.3.3)
    rspec (3.9.0)
      rspec-core (~> 3.9.0)
      rspec-expectations (~> 3.9.0)
      rspec-mocks (~> 3.9.0)
    rspec-core (3.9.2)
      rspec-support (~> 3.9.3)
    rspec-expectations (3.9.2)
      diff-lcs (>= 1.2.0, < 2.0)
      rspec-support (~> 3.9.0)
    rspec-mocks (3.9.1)
      diff-lcs (>= 1.2.0, < 2.0)
      rspec-support (~> 3.9.0)
    rspec-support (3.9.3)
    rubyzip (1.3.0)
    selenium-webdriver (3.142.7)
      childprocess (>= 0.5, < 4.0)
      rubyzip (>= 1.2.2)

PLATFORMS
  ruby

DEPENDENCIES
  bundler (~> 1.16)
  colorize (~> 0.8)
  gigs!
  nokogiri (~> 1.13.9)
  pry (~> 0)
  rake (~> 12.3.3)
  rspec (~> 3.0)
  rubyzip (~> 1.3.0)
  selenium-webdriver (~> 3.13)

BUNDLED WITH
   1.17.3
